GEM
  remote: https://rubygems.org/
  specs:
    byebug (11.0.1)
    childprocess (3.0.0)
    csv (3.1.2)
    mini_portile2 (2.4.0)
    nokogiri (1.10.4)
      mini_portile2 (~> 2.4.0)
    rubyzip (2.0.0)
    selenium-webdriver (3.142.6)
      childprocess (>= 0.5, < 4.0)
      rubyzip (>= 1.2.2)

PLATFORMS
  ruby

DEPENDENCIES
  byebug
  csv
  nokogiri
  selenium-webdriver

BUNDLED WITH
   2.1.0.pre.2
